PATH
  remote: .
  specs:
    pdfkit (0.6.2)

GEM
  remote: https://rubygems.org/
  specs:
    activesupport (3.0.9)
    diff-lcs (1.2.5)
    json (1.7.7)
    mocha (0.9.12)
    rack (1.3.0)
    rack-test (0.6.0)
      rack (>= 1.0)
    rake (0.9.2)
    rdoc (4.0.1)
      json (~> 1.4)
    rspec (3.0.0)
      rspec-core (~> 3.0.0)
      rspec-expectations (~> 3.0.0)
      rspec-mocks (~> 3.0.0)
    rspec-core (3.0.3)
      rspec-support (~> 3.0.0)
    rspec-expectations (3.0.3)
      diff-lcs (>= 1.2.0, < 2.0)
      rspec-support (~> 3.0.0)
    rspec-mocks (3.0.3)
      rspec-support (~> 3.0.0)
    rspec-support (3.0.3)

PLATFORMS
  ruby

DEPENDENCIES
  activesupport (>= 3.0.8)
  mocha (>= 0.9.10)
  pdfkit!
  rack-test (>= 0.5.6)
  rake (~> 0.9.2)
  rdoc (~> 4.0.1)
  rspec (~> 3.0)
